GEM
  remote: http://rubygems.org/
  specs:
    RedCloth (4.2.9)
    activesupport (3.2.13)
      i18n (= 0.6.1)
      multi_json (~> 1.0)
    coderay (1.0.9)
    em-websocket (0.5.0)
      eventmachine (>= 0.12.9)
      http_parser.rb (~> 0.5.3)
    eventmachine (1.0.3)
    fetcher (0.1.0)
    ffi (1.8.1)
    formatador (0.2.4)
    guard (1.8.0)
      formatador (>= 0.2.4)
      listen (>= 1.0.0)
      lumberjack (>= 1.0.2)
      pry (>= 0.9.10)
      thor (>= 0.14.6)
    guard-livereload (1.1.3)
      em-websocket (>= 0.2.0)
      guard (>= 1.5.0)
      multi_json (~> 1.0)
    guard-shell (0.5.1)
      guard (>= 1.1.0)
    http_parser.rb (0.5.3)
    i18n (0.6.1)
    json (1.7.7)
    kramdown (1.0.2)
    listen (1.1.4)
      rb-fsevent (>= 0.9.3)
      rb-inotify (>= 0.9)
      rb-kqueue (>= 0.2)
    logutils (0.6.0)
    lumberjack (1.0.3)
    markdown (1.1.1)
      kramdown (>= 1.0.2)
      props (>= 1.0.0)
      textutils (>= 0.6.4)
    method_source (0.8.1)
    multi_json (1.7.4)
    pakman (0.4.0)
      fetcher (>= 0.1.0)
    props (1.0.0)
    pry (0.9.12.2)
      coderay (~> 1.0.5)
      method_source (~> 0.8)
      slop (~> 3.4)
    rb-fsevent (0.9.3)
    rb-inotify (0.9.0)
      ffi (>= 0.5.0)
    rb-kqueue (0.2.0)
      ffi (>= 0.5.0)
    slideshow (1.2.3)
      RedCloth (>= 4.2.9)
      activesupport (>= 3.2.6)
      markdown (>= 1.0.0)
      pakman (>= 0.4.0)
      props (>= 1.0.0)
      textutils (>= 0.2.0)
    slop (3.4.5)
    textutils (0.6.4)
      logutils (~> 0.5)
    thor (0.18.1)
    wdm (0.1.0)

PLATFORMS
  ruby

DEPENDENCIES
  guard
  guard-livereload (~> 1.1.3)
  guard-shell
  json (~> 1.7.7)
  rb-fsevent (~> 0.9.3)
  rb-inotify (~> 0.9.0)
  slideshow
  wdm (~> 0.1.0)
